PATH
  remote: ../annembed-ruby
  specs:
    annembed-ruby (0.1.0)

PATH
  remote: ../lancelot
  specs:
    lancelot (0.3.1)
      rb_sys (~> 0.9)

PATH
  remote: ../parser-core-ruby
  specs:
    parser-core-ruby (0.1.0)
      rb_sys (~> 0.9)

GEM
  remote: https://rubygems.org/
  specs:
    baran (0.2.1)
    diff-lcs (1.6.2)
    rake (13.3.0)
    rake-compiler-dock (1.9.1)
    rb_sys (0.9.117)
      rake-compiler-dock (= 1.9.1)
    red-candle (1.2.0)
      rb_sys
    rspec (3.13.1)
      rspec-core (~> 3.13.0)
      rspec-expectations (~> 3.13.0)
      rspec-mocks (~> 3.13.0)
    rspec-core (3.13.5)
      rspec-support (~> 3.13.0)
    rspec-expectations (3.13.5)
      diff-lcs (>= 1.2.0, < 2.0)
      rspec-support (~> 3.13.0)
    rspec-mocks (3.13.5)
      diff-lcs (>= 1.2.0, < 2.0)
      rspec-support (~> 3.13.0)
    rspec-support (3.13.4)
    securerandom (0.4.1)
    strings-ansi (0.2.0)
    thor (1.4.0)
    tty-cursor (0.7.1)
    tty-progressbar (0.18.3)
      strings-ansi (~> 0.2)
      tty-cursor (~> 0.7)
      tty-screen (~> 0.8)
      unicode-display_width (>= 1.6, < 3.0)
    tty-screen (0.8.2)
    unicode-display_width (2.6.0)

PLATFORMS
  arm64-darwin-24
  ruby

DEPENDENCIES
  annembed-ruby!
  baran (~> 0.2)
  lancelot!
  parser-core-ruby!
  rake (~> 13.0)
  red-candle
  rspec (~> 3.0)
  securerandom
  thor (~> 1.3)
  tty-progressbar (~> 0.18)

BUNDLED WITH
   2.6.9
