PATH
  remote: ../topical
  specs:
    topical (0.1.0)
      clusterkit (>= 0.1)

PATH
  remote: .
  specs:
    ragnar-cli (0.1.0.pre.3)
      baran (~> 0.2)
      lancelot (~> 0.3, >= 0.3.2)
      parsekit (~> 0.1.0.pre.1)
      red-candle (~> 1.2)
      thor (~> 1.3)
      topical (~> 0.1)
      tty-progressbar (~> 0.18)

GEM
  remote: https://rubygems.org/
  specs:
    ast (2.4.3)
    baran (0.2.1)
    clusterkit (0.1.0)
    diff-lcs (1.6.2)
    docile (1.4.1)
    json (2.13.2)
    lancelot (0.3.2)
      rb_sys (~> 0.9)
    language_server-protocol (3.17.0.5)
    lint_roller (1.1.0)
    parallel (1.27.0)
    parsekit (0.1.0.pre.1)
      rb_sys (~> 0.9)
    parser (3.3.9.0)
      ast (~> 2.4.1)
      racc
    prism (1.4.0)
    racc (1.8.1)
    rainbow (3.1.1)
    rake (13.3.0)
    rake-compiler-dock (1.9.1)
    rb_sys (0.9.117)
      rake-compiler-dock (= 1.9.1)
    red-candle (1.2.2)
      rb_sys
    regexp_parser (2.11.2)
    rspec (3.13.1)
      rspec-core (~> 3.13.0)
      rspec-expectations (~> 3.13.0)
      rspec-mocks (~> 3.13.0)
    rspec-core (3.13.5)
      rspec-support (~> 3.13.0)
    rspec-expectations (3.13.5)
      diff-lcs (>= 1.2.0, < 2.0)
      rspec-support (~> 3.13.0)
    rspec-mocks (3.13.5)
      diff-lcs (>= 1.2.0, < 2.0)
      rspec-support (~> 3.13.0)
    rspec-support (3.13.5)
    rubocop (1.79.2)
      json (~> 2.3)
      language_server-protocol (~> 3.17.0.2)
      lint_roller (~> 1.1.0)
      parallel (~> 1.10)
      parser (>= 3.3.0.2)
      rainbow (>= 2.2.2, < 4.0)
      regexp_parser (>= 2.9.3, < 3.0)
      rubocop-ast (>= 1.46.0, < 2.0)
      ruby-progressbar (~> 1.7)
      unicode-display_width (>= 2.4.0, < 4.0)
    rubocop-ast (1.46.0)
      parser (>= 3.3.7.2)
      prism (~> 1.4)
    ruby-progressbar (1.13.0)
    simplecov (0.22.0)
      docile (~> 1.1)
      simplecov-html (~> 0.11)
      simplecov_json_formatter (~> 0.1)
    simplecov-html (0.13.2)
    simplecov_json_formatter (0.1.4)
    strings-ansi (0.2.0)
    thor (1.4.0)
    tty-cursor (0.7.1)
    tty-progressbar (0.18.3)
      strings-ansi (~> 0.2)
      tty-cursor (~> 0.7)
      tty-screen (~> 0.8)
      unicode-display_width (>= 1.6, < 3.0)
    tty-screen (0.8.2)
    unicode-display_width (2.6.0)

PLATFORMS
  arm64-darwin-24
  ruby

DEPENDENCIES
  ragnar-cli!
  rake (~> 13.0)
  rspec (~> 3.0)
  rubocop (~> 1.21)
  simplecov (~> 0.22)
  topical!

BUNDLED WITH
   2.6.9
